GIT
  remote: git://github.com/concord-consortium/ar-extensions.git
  revision: 068233ed497dda6dfbad5641a7029477bb4cbaa6
  specs:
    ar-extensions (0.9.3)
      activerecord (~> 2.1)

GEM
  remote: http://rubygems.org/
  specs:
    RedCloth (4.1.9)
    aasm (2.0.7)
    actionmailer (2.3.11)
      actionpack (= 2.3.11)
    actionpack (2.3.11)
      activesupport (= 2.3.11)
      rack (~> 1.1.0)
    activerecord (2.3.11)
      activesupport (= 2.3.11)
    activeresource (2.3.11)
      activesupport (= 2.3.11)
    activesupport (2.3.11)
    acts-as-taggable-on (2.0.6)
    arrayfields (4.7.4)
    builder (3.0.0)
    capistrano (2.5.19)
      highline
      net-scp (>= 1.0.0)
      net-sftp (>= 2.0.0)
      net-ssh (>= 2.0.14)
      net-ssh-gateway (>= 1.0.0)
    capistrano-ext (1.2.1)
      capistrano (>= 1.0.0)
    capybara (0.4.1.2)
      celerity (>= 0.7.9)
      culerity (>= 0.2.4)
      mime-types (>= 1.16)
      nokogiri (>= 1.3.3)
      rack (>= 1.0.0)
      rack-test (>= 0.5.4)
      selenium-webdriver (>= 0.0.27)
      xpath (~> 0.1.3)
    celerity (0.8.9)
    cgi_multipart_eof_fix (2.5.0)
    childprocess (0.1.8)
      ffi (~> 1.0.6)
    chronic (0.3.0)
    ci_reporter (1.6.4)
      builder (>= 2.1.2)
    columnize (0.3.2)
    compass (0.8.17)
      haml (>= 2.2.0)
    configuration (1.2.0)
    cucumber (0.10.0)
      builder (>= 2.1.2)
      diff-lcs (~> 1.1.2)
      gherkin (~> 2.3.2)
      json (~> 1.4.6)
      term-ansicolor (~> 1.0.5)
    cucumber-rails (0.3.2)
      cucumber (>= 0.8.0)
    culerity (0.2.15)
    daemons (1.1.0)
    database_cleaner (0.6.7)
    delorean (1.0.0)
      chronic
    diff-lcs (1.1.2)
    email_spec (0.3.5)
    factory_girl (1.2.3)
    fakeweb (1.2.8)
    fastercsv (1.5.0)
    fastthread (1.0.7)
    ffi (1.0.7)
      rake (>= 0.8.7)
    gem_plugin (0.2.3)
    gherkin (2.3.3)
      json (~> 1.4.6)
    grit (2.0.0)
      diff-lcs (>= 1.1.2)
      mime-types (>= 1.15)
    haml (3.0.25)
    highline (1.6.1)
    hirb (0.4.0)
    hpricot (0.6.164)
    httpclient (2.1.5.2)
    jnlp (0.6.2)
      hpricot (= 0.6.164)
    json (1.4.6)
    json_pure (1.5.1)
    launchy (0.4.0)
      configuration (>= 0.0.5)
      rake (>= 0.8.1)
    linecache (0.43)
    maruku (0.6.0)
      syntax (>= 1.0.0)
    mime-types (1.16)
    mongrel (1.1.5)
      cgi_multipart_eof_fix (>= 2.4)
      daemons (>= 1.0.3)
      fastthread (>= 1.0.1)
      gem_plugin (>= 0.2.3)
    mysql (2.8.1)
    net-scp (1.0.4)
      net-ssh (>= 1.99.1)
    net-sftp (2.0.2)
      net-ssh (>= 2.0.9)
    net-ssh (2.1.0)
    net-ssh-gateway (1.0.1)
      net-ssh (>= 1.99.1)
    nokogiri (1.4.4)
    open4 (0.9.6)
    paperclip (2.3.8)
      activerecord
      activesupport
    prawn (0.4.1)
      prawn-layout
    prawn-format (0.1.1)
      prawn (< 0.5)
      prawn (>= 0.4)
    prawn-layout (0.8.4)
    rack (1.1.0)
    rack-test (0.5.7)
      rack (>= 1.0)
    rails (2.3.11)
      actionmailer (= 2.3.11)
      actionpack (= 2.3.11)
      activerecord (= 2.3.11)
      activeresource (= 2.3.11)
      activesupport (= 2.3.11)
      rake (>= 0.8.3)
    rake (0.8.7)
    remarkable (3.1.13)
      rspec (>= 1.2.0)
    remarkable_activerecord (3.1.13)
      remarkable (~> 3.1.13)
      rspec (>= 1.2.0)
    remarkable_rails (3.1.13)
      remarkable (~> 3.1.13)
      remarkable_activerecord (~> 3.1.13)
      rspec (>= 1.2.0)
      rspec-rails (>= 1.2.0)
    rspec (1.3.1)
    rspec-rails (1.3.3)
      rack (>= 1.0.0)
      rspec (= 1.3.1)
    ruby-debug (0.10.4)
      columnize (>= 0.1)
      ruby-debug-base (~> 0.10.4.0)
    ruby-debug-base (0.10.4)
      linecache (>= 0.3)
    ruby-ole (1.2.11.1)
    rubyzip (0.9.4)
    selenium-webdriver (0.2.0)
      childprocess (>= 0.1.7)
      ffi (>= 1.0.7)
      json_pure
      rubyzip
    spork (0.8.4)
    spreadsheet (0.6.5.2)
      ruby-ole (>= 1.0)
    syntax (1.0.0)
    term-ansicolor (1.0.5)
    uuidtools (2.0.0)
    what_methods (1.0.1)
    will_paginate (2.3.15)
    wirble (0.1.3)
    xpath (0.1.4)
      nokogiri (~> 1.3)

PLATFORMS
  ruby

DEPENDENCIES
  RedCloth (~> 4.1.1)
  aasm (~> 2.0.2)
  activerecord-jdbcmysql-adapter (>= 0.9.2)
  acts-as-taggable-on
  ar-extensions (~> 0.9.3)!
  arrayfields
  capistrano-ext
  capybara (~> 0.4)
  ci_reporter (~> 1.6.4)
  compass (= 0.8.17)
  cucumber (~> 0.10.0)
  cucumber-rails (~> 0.3.2)
  database_cleaner (~> 0.6.6)
  delorean
  email_spec (= 0.3.5)
  factory_girl (= 1.2.3)
  fakeweb (~> 1.2.8)
  fastercsv (= 1.5.0)
  grit (~> 2.0.0)
  haml (~> 3.0.25)
  highline
  hirb
  hpricot (= 0.6.164)
  httpclient (~> 2.1.5.2)
  jnlp (= 0.6.2)
  jruby-openssl (>= 0.6)
  launchy
  maruku (~> 0.6)
  mongrel (~> 1.1.5)
  mysql (~> 2.7)
  net-sftp (= 2.0.2)
  nokogiri (~> 1.4.1)
  open4 (~> 0.9.6)
  paperclip
  prawn (~> 0.4.1)
  prawn-format (~> 0.1.1)
  rails (= 2.3.11)
  rake (>= 0.8.7)
  remarkable_rails (~> 3.1.13)
  rspec (~> 1.3.0)
  rspec-rails (~> 1.3.2)
  ruby-debug
  spork
  spreadsheet
  syntax (~> 1.0)
  uuidtools (~> 2.0.0)
  what_methods
  will_paginate (~> 2.3.6)
  wirble
